GEM
  remote: http://rubygems.org/
  specs:
    haml (3.1.2)
    watchr (0.7)

PLATFORMS
  ruby

DEPENDENCIES
  haml
  watchr
